PATH
  remote: .
  specs:
    baza_migrations (0.0.2)
      auto_autoloader
      baza (~> 0.0.20)
      string-cases (~> 0.0.1)

GEM
  remote: http://rubygems.org/
  specs:
    array_enumerator (0.0.10)
    ast (2.4.2)
    auto_autoloader (0.0.5)
      string-cases
    baza (0.0.38)
      array_enumerator (~> 0.0.10)
      auto_autoloader (~> 0.0.5)
      datet (~> 0.0.25)
      event_handler (~> 0.0.0)
      simple_delegate (~> 0.0.2)
      string-cases (~> 0.0.4)
      wref (~> 0.0.8)
    best_practice_project (0.0.10)
      auto_autoloader (>= 0.0.5)
    coderay (1.1.3)
    datet (0.0.25)
    diff-lcs (1.5.0)
    event_handler (0.0.0)
    ffi (1.15.5-java)
    jar-dependencies (0.4.1)
    jdbc-sqlite3 (3.32.3.3)
    json (2.6.3)
    json (2.6.3-java)
    method_source (1.0.0)
    parallel (1.22.1)
    parser (3.1.3.0)
      ast (~> 2.4.1)
    pry (0.14.1)
      coderay (~> 1.1)
      method_source (~> 1.0)
    pry (0.14.1-java)
      coderay (~> 1.1)
      method_source (~> 1.0)
      spoon (~> 0.0)
    psych (5.0.1)
      stringio
    psych (5.0.1-java)
      jar-dependencies (>= 0.1.7)
    rainbow (3.1.1)
    rake (13.0.6)
    rdoc (6.5.0)
      psych (>= 4.0.0)
    regexp_parser (2.6.1)
    rexml (3.2.5)
    rspec (3.5.0)
      rspec-core (~> 3.5.0)
      rspec-expectations (~> 3.5.0)
      rspec-mocks (~> 3.5.0)
    rspec-core (3.5.4)
      rspec-support (~> 3.5.0)
    rspec-expectations (3.5.0)
      diff-lcs (>= 1.2.0, < 2.0)
      rspec-support (~> 3.5.0)
    rspec-mocks (3.5.0)
      diff-lcs (>= 1.2.0, < 2.0)
      rspec-support (~> 3.5.0)
    rspec-support (3.5.0)
    rubocop (1.41.1)
      json (~> 2.3)
      parallel (~> 1.10)
      parser (>= 3.1.2.1)
      rainbow (>= 2.2.2, < 4.0)
      regexp_parser (>= 1.8, < 3.0)
      rexml (>= 3.2.5, < 4.0)
      rubocop-ast (>= 1.23.0, < 2.0)
      ruby-progressbar (~> 1.7)
      unicode-display_width (>= 1.4.0, < 3.0)
    rubocop-ast (1.24.1)
      parser (>= 3.1.1.0)
    rubocop-performance (1.15.2)
      rubocop (>= 1.7.0, < 2.0)
      rubocop-ast (>= 0.4.0)
    rubocop-rspec (2.16.0)
      rubocop (~> 1.33)
    ruby-progressbar (1.11.0)
    simple_delegate (0.0.4)
    spoon (0.0.6)
      ffi
    sqlite3 (1.4.4)
    string-cases (0.0.4)
    stringio (3.0.4)
    unicode-display_width (2.3.0)
    wref (0.0.8)

PLATFORMS
  java
  ruby

DEPENDENCIES
  baza_migrations!
  best_practice_project (= 0.0.10)
  bundler (= 2.3.4)
  jdbc-sqlite3
  pry
  rake
  rdoc
  rspec (= 3.5.0)
  rubocop (= 1.41.1)
  rubocop-performance
  rubocop-rspec
  sqlite3 (= 1.4.4)
  wref (= 0.0.8)

BUNDLED WITH
   2.3.4
