GEM
  remote: http://rubygems.org/
  specs:
    addressable (2.4.0)
    array_enumerator (0.0.10)
    ast (2.4.0)
    auto_autoloader (0.0.5)
      string-cases
    baza (0.0.36)
      array_enumerator (~> 0.0.10)
      auto_autoloader (~> 0.0.5)
      datet (~> 0.0.25)
      event_handler (~> 0.0.0)
      simple_delegate (~> 0.0.2)
      string-cases (~> 0.0.4)
      wref (~> 0.0.8)
    best_practice_project (0.0.11)
      auto_autoloader (>= 0.0.5)
    builder (3.2.3)
    coderay (1.1.2)
    datet (0.0.25)
    descendants_tracker (0.0.4)
      thread_safe (~> 0.3, >= 0.3.1)
    diff-lcs (1.3)
    event_handler (0.0.0)
    faraday (0.9.2)
      multipart-post (>= 1.2, < 3)
    ffi (1.11.1-java)
    git (1.5.0)
    github_api (0.16.0)
      addressable (~> 2.4.0)
      descendants_tracker (~> 0.0.4)
      faraday (~> 0.8, < 0.10)
      hashie (>= 3.4)
      mime-types (>= 1.16, < 3.0)
      oauth2 (~> 1.0)
    hashie (3.6.0)
    highline (2.0.3)
    jar-dependencies (0.4.0)
    jaro_winkler (1.5.4)
    jaro_winkler (1.5.4-java)
    jdbc-sqlite3 (3.28.0)
    jeweler (2.3.9)
      builder
      bundler
      git (>= 1.2.5)
      github_api (~> 0.16.0)
      highline (>= 1.6.15)
      nokogiri (>= 1.5.10)
      psych
      rake
      rdoc
      semver2
    jwt (2.2.1)
    method_source (0.9.2)
    mime-types (2.99.3)
    mini_portile2 (2.4.0)
    multi_json (1.14.1)
    multi_xml (0.6.0)
    multipart-post (2.1.1)
    nokogiri (1.10.5)
      mini_portile2 (~> 2.4.0)
    nokogiri (1.10.5-java)
    oauth2 (1.4.2)
      faraday (>= 0.8, < 2.0)
      jwt (>= 1.0, < 3.0)
      multi_json (~> 1.3)
      multi_xml (~> 0.5)
      rack (>= 1.2, < 3)
    parallel (1.19.1)
    parser (2.7.0.2)
      ast (~> 2.4.0)
    pry (0.12.2)
      coderay (~> 1.1.0)
      method_source (~> 0.9.0)
    pry (0.12.2-java)
      coderay (~> 1.1.0)
      method_source (~> 0.9.0)
      spoon (~> 0.0)
    psych (3.1.0)
    psych (3.1.0-java)
      jar-dependencies (>= 0.1.7)
    rack (2.0.8)
    rainbow (3.0.0)
    rake (13.0.0)
    rdoc (6.2.1)
    rspec (3.9.0)
      rspec-core (~> 3.9.0)
      rspec-expectations (~> 3.9.0)
      rspec-mocks (~> 3.9.0)
    rspec-core (3.9.0)
      rspec-support (~> 3.9.0)
    rspec-expectations (3.9.0)
      diff-lcs (>= 1.2.0, < 2.0)
      rspec-support (~> 3.9.0)
    rspec-mocks (3.9.0)
      diff-lcs (>= 1.2.0, < 2.0)
      rspec-support (~> 3.9.0)
    rspec-support (3.9.0)
    rubocop (0.79.0)
      jaro_winkler (~> 1.5.1)
      parallel (~> 1.10)
      parser (>= 2.7.0.1)
      rainbow (>= 2.2.2, < 4.0)
      ruby-progressbar (~> 1.7)
      unicode-display_width (>= 1.4.0, < 1.7)
    rubocop-performance (1.5.2)
      rubocop (>= 0.71.0)
    rubocop-rspec (1.37.1)
      rubocop (>= 0.68.1)
    ruby-progressbar (1.10.1)
    semver2 (3.4.2)
    simple_delegate (0.0.2)
    spoon (0.0.6)
      ffi
    sqlite3 (1.4.2)
    string-cases (0.0.4)
    thread_safe (0.3.6)
    thread_safe (0.3.6-java)
    unicode-display_width (1.6.1)
    wref (0.0.8)

PLATFORMS
  java
  ruby

DEPENDENCIES
  auto_autoloader
  baza
  best_practice_project
  bundler
  jdbc-sqlite3
  jeweler
  pry
  rdoc
  rspec
  rubocop
  rubocop-performance
  rubocop-rspec
  sqlite3
  string-cases
  wref

BUNDLED WITH
   1.17.3
